NUGET
  remote: https://api.nuget.org/v3/index.json
    FSharp.Core (6.0.4)
    RZ.Fsharp.Extension (1.3.1)
      FSharp.Core (>= 6.0.3) - restriction: >= net6.0
